GEM
  remote: http://rubygems.org/
  specs:
    addressable (2.3.2)
    excon (0.16.10)
    heroku (2.33.1)
      heroku-api (~> 0.3.6)
      launchy (>= 0.3.2)
      netrc (~> 0.7.7)
      rest-client (~> 1.6.1)
      rubyzip
    heroku-api (0.3.7)
      excon (~> 0.16.10)
    launchy (2.1.2)
      addressable (~> 2.3)
    mime-types (1.19)
    multipart-post (1.1.5)
    netrc (0.7.7)
    rake (10.0.2)
    rest-client (1.6.7)
      mime-types (>= 1.16)
    rubyzip (0.9.9)
    thor (0.14.6)
    vulcan (0.8.0)
      heroku (>= 2.26.0, < 3.0)
      multipart-post (~> 1.1.3)
      rest-client (~> 1.6.7)
      thor (~> 0.14.6)

PLATFORMS
  ruby

DEPENDENCIES
  rake
  vulcan
